GEM
  remote: http://rubygems.org/
  specs:
    activemodel (3.2.8)
      activesupport (= 3.2.8)
      builder (~> 3.0.0)
    activesupport (3.2.8)
      i18n (~> 0.6)
      multi_json (~> 1.0)
    bson (1.7.0)
    bson_ext (1.7.0)
      bson (~> 1.7.0)
    builder (3.0.4)
    diff-lcs (1.1.3)
    haml (3.1.7)
    i18n (0.6.1)
    kgio (2.7.4)
    mongo (1.7.0)
      bson (~> 1.7.0)
    mongoid (3.0.10)
      activemodel (~> 3.1)
      moped (~> 1.1)
      origin (~> 1.0)
      tzinfo (~> 0.3.22)
    moped (1.2.7)
    multi_json (1.3.7)
    origin (1.0.10)
    rack (1.4.1)
    rack-protection (1.2.0)
      rack
    raindrops (0.10.0)
    rspec (2.11.0)
      rspec-core (~> 2.11.0)
      rspec-expectations (~> 2.11.0)
      rspec-mocks (~> 2.11.0)
    rspec-core (2.11.1)
    rspec-expectations (2.11.3)
      diff-lcs (~> 1.1.3)
    rspec-mocks (2.11.3)
    sinatra (1.3.3)
      rack (~> 1.3, >= 1.3.6)
      rack-protection (~> 1.2)
      tilt (~> 1.3, >= 1.3.3)
    tilt (1.3.3)
    tzinfo (0.3.34)
    unicorn (4.4.0)
      kgio (~> 2.6)
      rack
      raindrops (~> 0.7)

PLATFORMS
  ruby

DEPENDENCIES
  bson_ext
  haml
  mongo
  mongoid
  rspec
  sinatra
  unicorn
